GEM
  remote: https://rubygems.org/
  specs:
    httparty (0.13.6)
      json (~> 1.8)
      multi_xml (>= 0.5.2)
    json (1.8.3)
    mini_portile (0.6.2)
    multi_xml (0.5.5)
    nokogiri (1.6.6.2)
      mini_portile (~> 0.6.0)
    post_haste (1.3)
      httparty
      nokogiri

PLATFORMS
  ruby

DEPENDENCIES
  post_haste

BUNDLED WITH
   1.10.5
